GEM
  remote: http://rubygems.org/
  specs:
    codebadges (0.1.1)
      nokogiri (>= 1.6.2)
    haml (4.0.5)
      tilt
    json (1.8.1)
    mini_portile (0.6.0)
    nokogiri (1.6.3.1)
      mini_portile (= 0.6.0)
    rack (1.5.2)
    sinatra (1.0)
      rack (>= 1.0)
    tilt (1.4.1)

PLATFORMS
  ruby

DEPENDENCIES
  codebadges
  haml
  json
  sinatra
  tilt (~> 1.4.1)
